GEM
  remote: https://rubygems.org/
  specs:
    active-fedora (5.7.1)
      activeresource (>= 3.0.0)
      activesupport (>= 3.0.0)
      builder (~> 3.0.0)
      deprecation
      mediashelf-loggable
      nom-xml (>= 0.5.1)
      om (~> 1.8.0)
      rdf
      rdf-rdfxml (~> 0.3.8)
      rsolr
      rubydora (~> 1.6)
      solrizer (~> 2.1)
    activemodel (3.2.19)
      activesupport (= 3.2.19)
      builder (~> 3.0.0)
    activeresource (3.2.19)
      activemodel (= 3.2.19)
      activesupport (= 3.2.19)
    activesupport (3.2.19)
      i18n (~> 0.6, >= 0.6.4)
      multi_json (~> 1.0)
    addressable (2.3.5)
    awesome_print (1.2.0)
    bagit (0.3.2)
      docopt (~> 0.5.0)
      validatable (~> 1.6)
    blue-daemons (1.1.11)
    bluepill (0.0.68)
      activesupport (>= 3, < 5)
      blue-daemons (~> 1.1.11)
      i18n (~> 0.5)
      state_machine (~> 1.1)
    builder (3.0.4)
    capistrano (3.2.1)
      i18n
      rake (>= 10.0.0)
      sshkit (~> 1.3)
    capistrano-bundler (1.1.3)
      capistrano (~> 3.1)
      sshkit (~> 1.2)
    capistrano-holepicker (0.0.1)
      capistrano (~> 3.0)
      holepicker
    capistrano-one_time_key (0.0.1)
      capistrano (~> 3.0)
    capistrano-releaseboard (0.0.1)
      faraday
    coderay (1.1.0)
    colorize (0.7.3)
    confstruct (0.2.7)
    daemons (1.1.9)
    deprecation (0.1.0)
      activesupport
    diff-lcs (1.2.5)
    docopt (0.5.0)
    dor-services (4.4.13)
      active-fedora (~> 5.6, >= 5.6.3)
      activesupport
      confstruct (>= 0.2.2)
      dor-workflow-service (~> 1.4)
      druid-tools (>= 0.3.0)
      equivalent-xml (>= 0.2.2)
      json
      lyber-utils
      moab-versioning (= 1.3.1)
      net-sftp
      net-ssh
      nokogiri (>= 1.6.0)
      om
      progressbar
      rdf (= 1.0.9)
      rest-client
      rsolr-ext
      ruby-cache
      ruby-graphviz
      solrizer (~> 2.0)
      stanford-mods (>= 0.0.14)
      systemu
      uuidtools
      validatable
    dor-workflow-service (1.5.1)
      activesupport
      confstruct
      nokogiri
      rest-client
    druid-tools (0.3.1)
    equivalent-xml (0.5.1)
      nokogiri (>= 1.4.3)
    faraday (0.9.0)
      multipart-post (>= 1.2, < 3)
    fastercsv (1.5.5)
    happymapper (0.4.1)
      libxml-ruby (~> 2.0)
    hashery (2.1.1)
    holepicker (0.3.3)
      json (~> 1.8)
      rainbow (~> 2.0)
    hooks (0.3.6)
      uber (~> 0.0.4)
    i18n (0.6.11)
    iso-639 (0.2.5)
    json (1.8.1)
    libxml-ruby (2.7.0)
    lyber-core (3.2.1)
    lyber-utils (0.1.2)
      bagit (>= 0.1.0)
      nokogiri (>= 1.4.3.1)
      systemu (>= 1.2.0)
      validatable
    mediashelf-loggable (0.4.10)
    method_source (0.8.2)
    mime-types (2.3)
    mini_portile (0.6.0)
    moab-versioning (1.3.1)
      confstruct
      happymapper
      hashery (>= 2.0.0)
      json
      nokogiri
      systemu
    mods (0.0.23)
      iso-639
      nokogiri
      nom-xml
    mono_logger (1.1.0)
    multi_json (1.10.1)
    multipart-post (2.0.0)
    net-scp (1.2.1)
      net-ssh (>= 2.6.5)
    net-sftp (2.1.2)
      net-ssh (>= 2.6.5)
    net-ssh (2.9.1)
    net-ssh-krb (0.3.0)
      gssapi (~> 1.1.2)
      net-ssh (>= 2.0)
    netrc (0.7.7)
    nokogiri (1.6.3.1)
      mini_portile (= 0.6.0)
    nom-xml (0.5.1)
      activesupport
      i18n
      nokogiri
    om (1.8.0)
      activemodel
      activesupport
      deprecation
      mediashelf-loggable
      nokogiri (>= 1.4.2)
    progressbar (0.21.0)
    pry (0.10.1)
      coderay (~> 1.1.0)
      method_source (~> 0.8.1)
      slop (~> 3.4)
    rack (1.5.2)
    rack-protection (1.5.3)
      rack
    rainbow (2.0.0)
    rake (10.3.2)
    rdf (1.0.9)
      addressable (>= 2.3)
    rdf-rdfxml (0.3.9)
      rdf (>= 0.3.11)
      rdf-xsd (>= 0.3.8)
    rdf-xsd (1.0.2.1)
      nokogiri (>= 1.5.0)
      rdf (>= 0.3.4)
    redis (3.1.0)
    redis-namespace (1.5.1)
      redis (~> 3.0, >= 3.0.4)
    resque (1.25.2)
      mono_logger (~> 1.0)
      multi_json (~> 1.0)
      redis-namespace (~> 1.3)
      sinatra (>= 0.9.2)
      vegas (~> 0.1.2)
    rest-client (1.7.2)
      mime-types (>= 1.16, < 3.0)
      netrc (~> 0.7)
    robot-controller (1.0.0)
      bluepill (~> 0.0.67)
      resque (~> 1.25.2)
    rsolr (1.0.10)
      builder (>= 2.1.2)
    rsolr-ext (1.0.3)
      rsolr (>= 1.0.2)
    rspec (3.0.0)
      rspec-core (~> 3.0.0)
      rspec-expectations (~> 3.0.0)
      rspec-mocks (~> 3.0.0)
    rspec-core (3.0.4)
      rspec-support (~> 3.0.0)
    rspec-expectations (3.0.4)
      diff-lcs (>= 1.2.0, < 2.0)
      rspec-support (~> 3.0.0)
    rspec-mocks (3.0.4)
      rspec-support (~> 3.0.0)
    rspec-support (3.0.4)
    ruby-cache (0.3.0)
    ruby-graphviz (1.2.1)
    rubydora (1.8.0)
      activemodel
      activesupport
      deprecation
      equivalent-xml
      fastercsv
      hooks (~> 0.3.0)
      mime-types
      nokogiri
      rest-client
    sinatra (1.4.5)
      rack (~> 1.4)
      rack-protection (~> 1.4)
      tilt (~> 1.3, >= 1.3.4)
    slop (3.6.0)
    solrizer (2.2.0)
      activesupport
      daemons
      mediashelf-loggable (~> 0.4.7)
      nokogiri
      om (>= 1.5.0)
      stomp
      xml-simple
    sshkit (1.5.1)
      colorize
      net-scp (>= 1.1.2)
      net-ssh (>= 2.8.0)
    stanford-mods (1.0.2)
      mods
    state_machine (1.2.0)
    stomp (1.3.3)
    systemu (2.6.4)
    tilt (1.4.1)
    uber (0.0.8)
    uuidtools (2.1.5)
    validatable (1.6.7)
    vegas (0.1.11)
      rack (>= 1.0.0)
    xml-simple (1.1.4)

PLATFORMS
  ruby

DEPENDENCIES
  addressable (= 2.3.5)
  awesome_print
  capistrano
  capistrano-bundler
  dor-services (>= 4.3.2)
  druid-tools
  lyber-core
  lyberteam-capistrano-devel
  nokogiri
  pry
  resque
  rest-client
  robot-controller (>= 1.0.0)
  rspec
